GEM
  remote: http://rubygems.org/
  specs:
    dalli (2.7.10)
    dotenv (2.7.5)
    mini_portile2 (2.4.0)
    mustermann (1.0.3)
    nokogiri (1.10.4)
      mini_portile2 (~> 2.4.0)
    rack (2.0.7)
    rack-protection (2.0.7)
      rack
    sinatra (2.0.7)
      mustermann (~> 1.0)
      rack (~> 2.0)
      rack-protection (= 2.0.7)
      tilt (~> 2.0)
    tilt (2.0.10)

PLATFORMS
  ruby

DEPENDENCIES
  dalli
  dotenv
  nokogiri
  sinatra

BUNDLED WITH
   1.17.3
